GIT
  remote: git://github.com/jmoody/briar.git
  revision: af31468785f7ef92eeeb3d378a60a3d881e28fe0
  branch: 0.1.4
  specs:
    briar (0.1.4.pre)
      ansi (~> 1.4.3)
      calabash-cucumber (>= 0.9.166)
      dotenv (~> 0.9.0)
      pry (~> 0.9.12.6)
      rainbow (~> 1.99.0)
      rake (~> 10.1)
      rbx-require-relative (~> 0.0.9)
      syntax (~> 1.0.0)

GIT
  remote: git://github.com/jmoody/calabash-ios.git
  revision: 4f12cc83fa40fa7f1ea2c2397e139978a79ff1a6
  branch: jgallagher-add-keychain-support
  specs:
    calabash-cucumber (0.9.168)
      CFPropertyList
      awesome_print
      bundler (~> 1.1)
      calabash-common (~> 0.0.1)
      cucumber (~> 1.3.0)
      edn
      geocoder (~> 1.1.8)
      httpclient (~> 2.3.3)
      json
      run_loop (~> 0.1.5)
      sim_launcher (= 0.4.6)
      slowhandcuke
      xamarin-test-cloud (~> 0.9.27)

GEM
  remote: https://rubygems.org/
  specs:
    CFPropertyList (2.2.7)
    ansi (1.4.3)
    awesome_print (1.2.0)
    blankslate (2.1.2.4)
    builder (3.2.2)
    calabash-common (0.0.1)
      cucumber (~> 1.3.0)
    coderay (1.1.0)
    cucumber (1.3.11)
      builder (>= 2.1.2)
      diff-lcs (>= 1.1.3)
      gherkin (~> 2.12)
      multi_json (>= 1.7.5, < 2.0)
      multi_test (>= 0.0.2)
    diff-lcs (1.2.5)
    dotenv (0.9.0)
    edn (1.0.2)
      parslet (~> 1.4.0)
    geocoder (1.1.9)
    gherkin (2.12.2)
      multi_json (~> 1.3)
    httpclient (2.3.4.1)
    json (1.8.1)
    method_source (0.8.2)
    mime-types (1.25.1)
    multi_json (1.9.0)
    multi_test (0.0.3)
    parslet (1.4.0)
      blankslate (~> 2.0)
    pry (0.9.12.6)
      coderay (~> 1.0)
      method_source (~> 0.8)
      slop (~> 3.4)
    rack (1.5.2)
    rack-protection (1.5.2)
      rack
    rainbow (1.99.2)
    rake (10.1.1)
    rbx-require-relative (0.0.9)
    rest-client (1.6.7)
      mime-types (>= 1.16)
    retriable (1.3.3.1)
    rubyzip (0.9.9)
    run_loop (0.1.5)
      json
      thor
    sim_launcher (0.4.6)
      sinatra
    sinatra (1.4.4)
      rack (~> 1.4)
      rack-protection (~> 1.4)
      tilt (~> 1.3, >= 1.3.4)
    slop (3.4.7)
    slowhandcuke (0.0.3)
      cucumber
    syntax (1.0.0)
    thor (0.18.1)
    tilt (1.4.1)
    xamarin-test-cloud (0.9.29)
      bundler (>= 1.3.0, < 2.0)
      json
      mime-types (< 2.0)
      rest-client (~> 1.6.7)
      retriable (~> 1.3.3.1)
      rubyzip (~> 0.9.9)
      thor (>= 0.18.1)

PLATFORMS
  ruby

DEPENDENCIES
  briar!
  calabash-cucumber!
